GEM
  remote: http://rubygems.org/
  specs:
    eventmachine (0.12.10)
    eventmachine (0.12.10-java)
    jdbc-sqlite3 (3.7.2)
    metaclass (0.0.1)
    mocha (0.12.4)
      metaclass (~> 0.0.1)
    sequel (3.38.0)
    sqlite3 (1.3.6)
    test-unit (2.5.1)

PLATFORMS
  java
  ruby

DEPENDENCIES
  eventmachine
  jdbc-sqlite3
  mocha
  sequel
  sqlite3
  test-unit
